STORAGE: NONE
RESTRICTION: == net9.0
NUGET
  remote: https://api.nuget.org/v3/index.json
    Bolero (0.24.39)
      Elmish (>= 4.0.1 < 5.0)
      FSharp.Core (>= 6.0)
      FSharp.SystemTextJson (>= 0.19.13)
      Microsoft.AspNetCore.Components (>= 8.0)
      Microsoft.AspNetCore.Components.WebAssembly (>= 8.0)
      Microsoft.Extensions.Http (>= 6.0)
      Microsoft.JSInterop.WebAssembly (>= 8.0)
    Bolero.Build (0.24.39)
    Bolero.HotReload (0.24.5)
      Bolero (>= 0.24.38)
      FSharp.Core (>= 6.0)
      HtmlAgilityPack (>= 1.11.39)
      Microsoft.AspNetCore.SignalR.Client (>= 6.0)
    Bolero.HotReload.Server (0.24.5)
      Bolero.HotReload (0.24.5)
      Bolero.Server (>= 0.24.38)
      FSharp.Core (>= 6.0)
    Bolero.Server (0.24.39)
      Bolero (0.24.39)
      FSharp.Core (>= 6.0)
      FSharp.SystemTextJson (>= 0.19.13)
      Microsoft.AspNetCore.Components.Web (>= 8.0)
      Microsoft.AspNetCore.Components.WebAssembly (>= 8.0)
      Microsoft.JSInterop.WebAssembly (>= 8.0)
    Elmish (4.3)
    FSharp.Core (9.0.202) - content: none
    FSharp.SystemTextJson (1.3.13)
      FSharp.Core (>= 4.7)
      System.Text.Json (>= 6.0)
    HtmlAgilityPack (1.12.1)
    Microsoft.AspNetCore.Authorization (9.0.4)
      Microsoft.AspNetCore.Metadata (>= 9.0.4)
      Microsoft.Extensions.Logging.Abstractions (>= 9.0.4)
      Microsoft.Extensions.Options (>= 9.0.4)
    Microsoft.AspNetCore.Components (9.0.4)
      Microsoft.AspNetCore.Authorization (>= 9.0.4)
      Microsoft.AspNetCore.Components.Analyzers (>= 9.0.4)
    Microsoft.AspNetCore.Components.Analyzers (9.0.4)
    Microsoft.AspNetCore.Components.Forms (9.0.4)
      Microsoft.AspNetCore.Components (>= 9.0.4)
    Microsoft.AspNetCore.Components.Web (9.0.4)
      Microsoft.AspNetCore.Components (>= 9.0.4)
      Microsoft.AspNetCore.Components.Forms (>= 9.0.4)
      Microsoft.Extensions.DependencyInjection (>= 9.0.4)
      Microsoft.Extensions.Primitives (>= 9.0.4)
      Microsoft.JSInterop (>= 9.0.4)
    Microsoft.AspNetCore.Components.WebAssembly (9.0.4)
      Microsoft.AspNetCore.Components.Web (>= 9.0.4)
      Microsoft.Extensions.Configuration.Binder (>= 9.0.4)
      Microsoft.Extensions.Configuration.Json (>= 9.0.4)
      Microsoft.Extensions.Logging (>= 9.0.4)
      Microsoft.JSInterop.WebAssembly (>= 9.0.4)
    Microsoft.AspNetCore.Components.WebAssembly.DevServer (9.0.4)
    Microsoft.AspNetCore.Components.WebAssembly.Server (9.0.4)
    Microsoft.AspNetCore.Connections.Abstractions (9.0.4)
      Microsoft.Extensions.Features (>= 9.0.4)
    Microsoft.AspNetCore.Http.Connections.Client (9.0.4)
      Microsoft.AspNetCore.Http.Connections.Common (>= 9.0.4)
      Microsoft.Extensions.Logging.Abstractions (>= 9.0.4)
      Microsoft.Extensions.Options (>= 9.0.4)
      System.Net.ServerSentEvents (>= 9.0.4)
    Microsoft.AspNetCore.Http.Connections.Common (9.0.4)
      Microsoft.AspNetCore.Connections.Abstractions (>= 9.0.4)
    Microsoft.AspNetCore.Metadata (9.0.4)
    Microsoft.AspNetCore.SignalR.Client (9.0.4)
      Microsoft.AspNetCore.Http.Connections.Client (>= 9.0.4)
      Microsoft.AspNetCore.SignalR.Client.Core (>= 9.0.4)
    Microsoft.AspNetCore.SignalR.Client.Core (9.0.4)
      Microsoft.AspNetCore.SignalR.Common (>= 9.0.4)
      Microsoft.AspNetCore.SignalR.Protocols.Json (>= 9.0.4)
      Microsoft.Extensions.DependencyInjection (>= 9.0.4)
      Microsoft.Extensions.Logging (>= 9.0.4)
      System.Threading.Channels (>= 9.0.4)
    Microsoft.AspNetCore.SignalR.Common (9.0.4)
      Microsoft.AspNetCore.Connections.Abstractions (>= 9.0.4)
      Microsoft.Extensions.Options (>= 9.0.4)
    Microsoft.AspNetCore.SignalR.Protocols.Json (9.0.4)
      Microsoft.AspNetCore.SignalR.Common (>= 9.0.4)
    Microsoft.Extensions.Configuration (9.0.4)
      Microsoft.Extensions.Configuration.Abstractions (>= 9.0.4)
      Microsoft.Extensions.Primitives (>= 9.0.4)
    Microsoft.Extensions.Configuration.Abstractions (9.0.4)
      Microsoft.Extensions.Primitives (>= 9.0.4)
    Microsoft.Extensions.Configuration.Binder (9.0.4)
      Microsoft.Extensions.Configuration.Abstractions (>= 9.0.4)
    Microsoft.Extensions.Configuration.FileExtensions (9.0.4)
      Microsoft.Extensions.Configuration (>= 9.0.4)
      Microsoft.Extensions.Configuration.Abstractions (>= 9.0.4)
      Microsoft.Extensions.FileProviders.Abstractions (>= 9.0.4)
      Microsoft.Extensions.FileProviders.Physical (>= 9.0.4)
      Microsoft.Extensions.Primitives (>= 9.0.4)
    Microsoft.Extensions.Configuration.Json (9.0.4)
      Microsoft.Extensions.Configuration (>= 9.0.4)
      Microsoft.Extensions.Configuration.Abstractions (>= 9.0.4)
      Microsoft.Extensions.Configuration.FileExtensions (>= 9.0.4)
      Microsoft.Extensions.FileProviders.Abstractions (>= 9.0.4)
    Microsoft.Extensions.DependencyInjection (9.0.4)
      Microsoft.Extensions.DependencyInjection.Abstractions (>= 9.0.4)
    Microsoft.Extensions.DependencyInjection.Abstractions (9.0.4)
    Microsoft.Extensions.Diagnostics (9.0.4)
      Microsoft.Extensions.Configuration (>= 9.0.4)
      Microsoft.Extensions.Diagnostics.Abstractions (>= 9.0.4)
      Microsoft.Extensions.Options.ConfigurationExtensions (>= 9.0.4)
    Microsoft.Extensions.Diagnostics.Abstractions (9.0.4)
      Microsoft.Extensions.DependencyInjection.Abstractions (>= 9.0.4)
      Microsoft.Extensions.Options (>= 9.0.4)
    Microsoft.Extensions.Features (9.0.4)
    Microsoft.Extensions.FileProviders.Abstractions (9.0.4)
      Microsoft.Extensions.Primitives (>= 9.0.4)
    Microsoft.Extensions.FileProviders.Physical (9.0.4)
      Microsoft.Extensions.FileProviders.Abstractions (>= 9.0.4)
      Microsoft.Extensions.FileSystemGlobbing (>= 9.0.4)
      Microsoft.Extensions.Primitives (>= 9.0.4)
    Microsoft.Extensions.FileSystemGlobbing (9.0.4)
    Microsoft.Extensions.Http (9.0.4)
      Microsoft.Extensions.Configuration.Abstractions (>= 9.0.4)
      Microsoft.Extensions.DependencyInjection.Abstractions (>= 9.0.4)
      Microsoft.Extensions.Diagnostics (>= 9.0.4)
      Microsoft.Extensions.Logging (>= 9.0.4)
      Microsoft.Extensions.Logging.Abstractions (>= 9.0.4)
      Microsoft.Extensions.Options (>= 9.0.4)
    Microsoft.Extensions.Logging (9.0.4)
      Microsoft.Extensions.DependencyInjection (>= 9.0.4)
      Microsoft.Extensions.Logging.Abstractions (>= 9.0.4)
      Microsoft.Extensions.Options (>= 9.0.4)
    Microsoft.Extensions.Logging.Abstractions (9.0.4)
      Microsoft.Extensions.DependencyInjection.Abstractions (>= 9.0.4)
    Microsoft.Extensions.Options (9.0.4)
      Microsoft.Extensions.DependencyInjection.Abstractions (>= 9.0.4)
      Microsoft.Extensions.Primitives (>= 9.0.4)
    Microsoft.Extensions.Options.ConfigurationExtensions (9.0.4)
      Microsoft.Extensions.Configuration.Abstractions (>= 9.0.4)
      Microsoft.Extensions.Configuration.Binder (>= 9.0.4)
      Microsoft.Extensions.DependencyInjection.Abstractions (>= 9.0.4)
      Microsoft.Extensions.Options (>= 9.0.4)
      Microsoft.Extensions.Primitives (>= 9.0.4)
    Microsoft.Extensions.Primitives (9.0.4)
    Microsoft.JSInterop (9.0.4)
    Microsoft.JSInterop.WebAssembly (9.0.4)
      Microsoft.JSInterop (>= 9.0.4)
    System.Net.ServerSentEvents (9.0.4)
    System.Text.Json (9.0.4)
    System.Threading.Channels (9.0.4)
